GIT
  remote: https://github.com/minter/bskyrb.git
  revision: 71af9f7ba7353295bd38348a7c44d331fce4ba25
  branch: main
  specs:
    bskyrb (0.5.3)
      addressable (>= 2.8.1)
      date (>= 3.3.3)
      httparty (>= 0.21.0)
      json (>= 2.0)
      logger (>= 1.5.3)
      mini_magick (>= 4.12.0)
      mini_mime (>= 1.1.2)
      nokogiri (>= 1.16.1)
      streamio-ffmpeg (>= 3.0.2)
      xrpc (>= 0.1.5)

GEM
  remote: https://gem.coop/
  specs:
    actioncable (8.0.3)
      actionpack (= 8.0.3)
      activesupport (= 8.0.3)
      nio4r (~> 2.0)
      websocket-driver (>= 0.6.1)
      zeitwerk (~> 2.6)
    actionmailbox (8.0.3)
      actionpack (= 8.0.3)
      activejob (= 8.0.3)
      activerecord (= 8.0.3)
      activestorage (= 8.0.3)
      activesupport (= 8.0.3)
      mail (>= 2.8.0)
    actionmailer (8.0.3)
      actionpack (= 8.0.3)
      actionview (= 8.0.3)
      activejob (= 8.0.3)
      activesupport (= 8.0.3)
      mail (>= 2.8.0)
      rails-dom-testing (~> 2.2)
    actionpack (8.0.3)
      actionview (= 8.0.3)
      activesupport (= 8.0.3)
      nokogiri (>= 1.8.5)
      rack (>= 2.2.4)
      rack-session (>= 1.0.1)
      rack-test (>= 0.6.3)
      rails-dom-testing (~> 2.2)
      rails-html-sanitizer (~> 1.6)
      useragent (~> 0.16)
    actiontext (8.0.3)
      actionpack (= 8.0.3)
      activerecord (= 8.0.3)
      activestorage (= 8.0.3)
      activesupport (= 8.0.3)
      globalid (>= 0.6.0)
      nokogiri (>= 1.8.5)
    actionview (8.0.3)
      activesupport (= 8.0.3)
      builder (~> 3.1)
      erubi (~> 1.11)
      rails-dom-testing (~> 2.2)
      rails-html-sanitizer (~> 1.6)
    activejob (8.0.3)
      activesupport (= 8.0.3)
      globalid (>= 0.3.6)
    activemodel (8.0.3)
      activesupport (= 8.0.3)
    activerecord (8.0.3)
      activemodel (= 8.0.3)
      activesupport (= 8.0.3)
      timeout (>= 0.4.0)
    activestorage (8.0.3)
      actionpack (= 8.0.3)
      activejob (= 8.0.3)
      activerecord (= 8.0.3)
      activesupport (= 8.0.3)
      marcel (~> 1.0)
    activesupport (8.0.3)
      base64
      benchmark (>= 0.3)
      bigdecimal
      concurrent-ruby (~> 1.0, >= 1.3.1)
      connection_pool (>= 2.2.5)
      drb
      i18n (>= 1.6, < 2)
      logger (>= 1.4.2)
      minitest (>= 5.1)
      securerandom (>= 0.3)
      tzinfo (~> 2.0, >= 2.0.5)
      uri (>= 0.13.1)
    addressable (2.8.7)
      public_suffix (>= 2.0.2, < 7.0)
    ast (2.4.3)
    base64 (0.3.0)
    benchmark (0.4.1)
    bigdecimal (3.3.0)
    bootsnap (1.18.6)
      msgpack (~> 1.2)
    builder (3.3.0)
    bundler-audit (0.9.2)
      bundler (>= 1.2.0, < 3)
      thor (~> 1.0)
    coderay (1.1.3)
    concurrent-ruby (1.3.5)
    connection_pool (2.5.4)
    crack (1.0.0)
      bigdecimal
      rexml
    crass (1.0.6)
    csv (3.3.5)
    date (3.4.1)
    debug (1.11.0)
      irb (~> 1.10)
      reline (>= 0.3.8)
    dotenv (3.1.8)
    dotenv-rails (3.1.8)
      dotenv (= 3.1.8)
      railties (>= 6.1)
    drb (2.2.3)
    erb (5.0.2)
    erubi (1.13.1)
    et-orbi (1.4.0)
      tzinfo
    fugit (1.12.0)
      et-orbi (~> 1.4)
      raabro (~> 1.4)
    globalid (1.3.0)
      activesupport (>= 6.1)
    hashdiff (1.2.1)
    httparty (0.23.2)
      csv
      mini_mime (>= 1.0.0)
      multi_xml (>= 0.5.2)
    i18n (1.14.7)
      concurrent-ruby (~> 1.0)
    io-console (0.8.1)
    irb (1.15.2)
      pp (>= 0.6.0)
      rdoc (>= 4.0.0)
      reline (>= 0.4.2)
    json (2.15.1)
    language_server-protocol (3.17.0.5)
    lint_roller (1.1.0)
    logger (1.7.0)
    loofah (2.24.1)
      crass (~> 1.0.2)
      nokogiri (>= 1.12.0)
    mail (2.8.1)
      mini_mime (>= 0.1.1)
      net-imap
      net-pop
      net-smtp
    marcel (1.1.0)
    method_source (1.1.0)
    mini_magick (5.3.1)
      logger
    mini_mime (1.1.5)
    minitest (5.26.0)
    mocha (2.7.1)
      ruby2_keywords (>= 0.0.5)
    mock_redis (0.52.0)
      redis (~> 5)
    msgpack (1.8.0)
    multi_json (1.17.0)
    multi_xml (0.7.2)
      bigdecimal (~> 3.1)
    net-imap (0.5.11)
      date
      net-protocol
    net-pop (0.1.2)
      net-protocol
    net-protocol (0.2.2)
      timeout
    net-smtp (0.5.1)
      net-protocol
    nio4r (2.7.4)
    nokogiri (1.18.10-aarch64-linux-gnu)
      racc (~> 1.4)
    nokogiri (1.18.10-aarch64-linux-musl)
      racc (~> 1.4)
    nokogiri (1.18.10-arm-linux-gnu)
      racc (~> 1.4)
    nokogiri (1.18.10-arm-linux-musl)
      racc (~> 1.4)
    nokogiri (1.18.10-arm64-darwin)
      racc (~> 1.4)
    nokogiri (1.18.10-x86_64-darwin)
      racc (~> 1.4)
    nokogiri (1.18.10-x86_64-linux-gnu)
      racc (~> 1.4)
    nokogiri (1.18.10-x86_64-linux-musl)
      racc (~> 1.4)
    ostruct (0.6.3)
    parallel (1.27.0)
    parser (3.3.9.0)
      ast (~> 2.4.1)
      racc
    pp (0.6.2)
      prettyprint
    prettyprint (0.2.0)
    prism (1.5.1)
    pry (0.15.2)
      coderay (~> 1.1)
      method_source (~> 1.0)
    pry-rails (0.3.11)
      pry (>= 0.13.0)
    psych (5.2.6)
      date
      stringio
    public_suffix (6.0.2)
    raabro (1.4.0)
    racc (1.8.1)
    rack (3.2.3)
    rack-session (2.1.1)
      base64 (>= 0.1.0)
      rack (>= 3.0.0)
    rack-test (2.2.0)
      rack (>= 1.3)
    rackup (2.2.1)
      rack (>= 3)
    rails (8.0.3)
      actioncable (= 8.0.3)
      actionmailbox (= 8.0.3)
      actionmailer (= 8.0.3)
      actionpack (= 8.0.3)
      actiontext (= 8.0.3)
      actionview (= 8.0.3)
      activejob (= 8.0.3)
      activemodel (= 8.0.3)
      activerecord (= 8.0.3)
      activestorage (= 8.0.3)
      activesupport (= 8.0.3)
      bundler (>= 1.15.0)
      railties (= 8.0.3)
    rails-dom-testing (2.3.0)
      activesupport (>= 5.0.0)
      minitest
      nokogiri (>= 1.6)
    rails-html-sanitizer (1.6.2)
      loofah (~> 2.21)
      nokogiri (>= 1.15.7, != 1.16.7, != 1.16.6, != 1.16.5, != 1.16.4, != 1.16.3, != 1.16.2, != 1.16.1, != 1.16.0.rc1, != 1.16.0)
    railties (8.0.3)
      actionpack (= 8.0.3)
      activesupport (= 8.0.3)
      irb (~> 1.13)
      rackup (>= 1.0.0)
      rake (>= 12.2)
      thor (~> 1.0, >= 1.2.2)
      tsort (>= 0.2)
      zeitwerk (~> 2.6)
    rainbow (3.1.1)
    rake (13.3.0)
    rdoc (6.14.2)
      erb
      psych (>= 4.0.0)
    redis (5.4.1)
      redis-client (>= 0.22.0)
    redis-client (0.26.1)
      connection_pool
    regexp_parser (2.11.3)
    reline (0.6.2)
      io-console (~> 0.5)
    rexml (3.4.4)
    rubocop (1.80.2)
      json (~> 2.3)
      language_server-protocol (~> 3.17.0.2)
      lint_roller (~> 1.1.0)
      parallel (~> 1.10)
      parser (>= 3.3.0.2)
      rainbow (>= 2.2.2, < 4.0)
      regexp_parser (>= 2.9.3, < 3.0)
      rubocop-ast (>= 1.46.0, < 2.0)
      ruby-progressbar (~> 1.7)
      unicode-display_width (>= 2.4.0, < 4.0)
    rubocop-ast (1.47.1)
      parser (>= 3.3.7.2)
      prism (~> 1.4)
    rubocop-performance (1.25.0)
      lint_roller (~> 1.1)
      rubocop (>= 1.75.0, < 2.0)
      rubocop-ast (>= 1.38.0, < 2.0)
    ruby-progressbar (1.13.0)
    ruby2_keywords (0.0.5)
    rubyzip (3.1.1)
    rufus-scheduler (3.9.2)
      fugit (~> 1.1, >= 1.11.1)
    securerandom (0.4.1)
    selenium-webdriver (4.35.0)
      base64 (~> 0.2)
      logger (~> 1.4)
      rexml (~> 3.2, >= 3.2.5)
      rubyzip (>= 1.2.2, < 4.0)
      websocket (~> 1.0)
    sidekiq (8.0.8)
      connection_pool (>= 2.5.0)
      json (>= 2.9.0)
      logger (>= 1.6.2)
      rack (>= 3.1.0)
      redis-client (>= 0.23.2)
    sidekiq-scheduler (6.0.1)
      rufus-scheduler (~> 3.2)
      sidekiq (>= 7.3, < 9)
    standard (1.51.1)
      language_server-protocol (~> 3.17.0.2)
      lint_roller (~> 1.0)
      rubocop (~> 1.80.2)
      standard-custom (~> 1.0.0)
      standard-performance (~> 1.8)
    standard-custom (1.0.2)
      lint_roller (~> 1.0)
      rubocop (~> 1.50)
    standard-performance (1.8.0)
      lint_roller (~> 1.1)
      rubocop-performance (~> 1.25.0)
    streamio-ffmpeg (3.0.2)
      multi_json (~> 1.8)
    stringio (3.1.7)
    thor (1.4.0)
    timecop (0.9.10)
    timeout (0.4.3)
    tsort (0.2.0)
    tzinfo (2.0.6)
      concurrent-ruby (~> 1.0)
    unicode-display_width (3.2.0)
      unicode-emoji (~> 4.1)
    unicode-emoji (4.1.0)
    uri (1.0.4)
    useragent (0.16.11)
    vcr (6.3.1)
      base64
    watir (7.3.0)
      regexp_parser (>= 1.2, < 3)
      selenium-webdriver (~> 4.2)
    webmock (3.25.1)
      addressable (>= 2.8.0)
      crack (>= 0.3.2)
      hashdiff (>= 0.4.0, < 2.0.0)
    websocket (1.2.11)
    websocket-driver (0.8.0)
      base64
      websocket-extensions (>= 0.1.0)
    websocket-extensions (0.1.5)
    xrpc (0.1.7.2)
      date
      httparty
      json (>= 2.0)
    zeitwerk (2.7.3)

PLATFORMS
  aarch64-linux-gnu
  aarch64-linux-musl
  arm-linux-gnu
  arm-linux-musl
  arm64-darwin
  x86_64-darwin
  x86_64-linux-gnu
  x86_64-linux-musl

DEPENDENCIES
  bootsnap
  bskyrb!
  bundler-audit
  debug
  dotenv-rails (~> 3)
  httparty (~> 0)
  minitest
  mocha
  mock_redis
  net-smtp (~> 0.5.1)
  nokogiri
  ostruct
  pry-rails
  rails (~> 8.0)
  redis (~> 5)
  sidekiq (~> 8)
  sidekiq-scheduler (~> 6)
  standard
  streamio-ffmpeg (>= 3.0.2)
  timecop
  tzinfo-data
  uri (>= 1.0.3)
  vcr
  watir (~> 7.3)
  webmock

RUBY VERSION
   ruby 3.4.5p51

BUNDLED WITH
   2.7.1
